GEM
  remote: http://rubygems.org/
  specs:
    benchmark-ips (2.12.0)
    google-protobuf (3.22.2-x86_64-linux)
    oj (3.14.2)
    ruby-prof (1.6.1)
    yajl-ruby (1.4.3)

PLATFORMS
  x86_64-linux

DEPENDENCIES
  benchmark-ips
  google-protobuf
  oj
  ruby-prof
  yajl-ruby

BUNDLED WITH
   2.4.6
